GEM
  remote: http://rubygems.org/
  specs:
    builder (3.0.0)
    cucumber (1.0.2)
      builder (>= 2.1.2)
      diff-lcs (>= 1.1.2)
      gherkin (~> 2.4.5)
      json (>= 1.4.6)
      term-ansicolor (>= 1.0.5)
    diff-lcs (1.1.2)
    gherkin (2.4.5)
      json (>= 1.4.6)
    git (1.2.5)
    jeweler (1.6.4)
      bundler (~> 1.0)
      git (>= 1.2.5)
      rake
    json (1.5.3)
    minitest (2.3.1)
    rake (0.9.2)
    rcov (0.9.9)
    term-ansicolor (1.0.6)
    yard (0.6.8)

PLATFORMS
  ruby

DEPENDENCIES
  bundler (~> 1.0.0)
  cucumber
  jeweler (~> 1.6.4)
  minitest
  rcov
  yard (~> 0.6.0)
