GEM
  remote: http://rubygems.org/
  specs:
    bluecloth (2.1.0)
    builder (3.0.0)
    cucumber (1.0.2)
      builder (>= 2.1.2)
      diff-lcs (>= 1.1.2)
      gherkin (~> 2.4.5)
      json (>= 1.4.6)
      term-ansicolor (>= 1.0.5)
    diff-lcs (1.1.2)
    gherkin (2.4.5)
      json (>= 1.4.6)
    git (1.2.5)
    jeweler (1.6.4)
      bundler (~> 1.0)
      git (>= 1.2.5)
      rake
    json (1.5.3)
    minitest (2.3.1)
    mocha (0.9.12)
    oauth (0.4.5)
    rack (1.3.2)
    rack-test (0.6.1)
      rack (>= 1.0)
    rake (0.9.2)
    rcov (0.9.9)
    term-ansicolor (1.0.6)
    yajl-ruby (0.8.2)
    yard (0.6.8)

PLATFORMS
  ruby

DEPENDENCIES
  bluecloth
  bundler (~> 1.0.0)
  cucumber
  jeweler (~> 1.6.4)
  minitest
  mocha
  oauth (~> 0.4.5)
  rack-test
  rcov
  yajl-ruby (~> 0.8.2)
  yard (~> 0.6.0)
